GEM
  remote: https://rubygems.org/
  specs:
    async (1.32.1)
      console (~> 1.10)
      nio4r (~> 2.3)
      timers (~> 4.1)
    console (1.24.0)
      fiber-annotation
      fiber-local
      json
    fiber-annotation (0.2.0)
    fiber-local (1.0.0)
    json (2.9.1)
    nio4r (2.7.4)
    ruby2d (0.12.1)
    timers (4.3.5)

PLATFORMS
  x86_64-linux

DEPENDENCIES
  async
  ruby2d (= 0.12.1)

BUNDLED WITH
   2.3.5
