GEM
  remote: https://rubygems.org/
  specs:
    ruby2d (0.12.1)

PLATFORMS
  x86_64-linux

DEPENDENCIES
  ruby2d (= 0.12.1)

BUNDLED WITH
   2.3.5
